PATH
  remote: .
  specs:
    day9 (0.1.0)

GEM
  remote: https://rubygems.org/
  specs:
    rake (13.0.6)

PLATFORMS
  x86_64-darwin-21

DEPENDENCIES
  day9!
  rake (~> 13.0)

BUNDLED WITH
   2.3.26
